GIT
  remote: git://github.com/mongoid/mongoid.git
  revision: 9296c93725793a0b43461b9f4b680605d28f5aa2
  branch: master
  specs:
    mongoid (4.0.0)
      activemodel (~> 4.0.0)
      moped (~> 2.0.beta3)
      origin (~> 1.0)
      tzinfo (~> 0.3.37)

PATH
  remote: .
  specs:
    mongoid_money_field (5.0.1)
      money (>= 5.0.0)
      mongoid (>= 3.0.0)

GEM
  remote: https://rubygems.org/
  specs:
    activemodel (4.0.1)
      activesupport (= 4.0.1)
      builder (~> 3.1.0)
    activesupport (4.0.1)
      i18n (~> 0.6, >= 0.6.4)
      minitest (~> 4.2)
      multi_json (~> 1.3)
      thread_safe (~> 0.1)
      tzinfo (~> 0.3.37)
    atomic (1.1.14)
    bson (2.0.0.rc3)
    builder (3.1.4)
    database_cleaner (0.9.1)
    diff-lcs (1.2.4)
    i18n (0.6.5)
    json (1.8.1)
    minitest (4.7.5)
    money (6.0.0)
      i18n (~> 0.6.4)
    mongoid-rspec (1.7.0)
      mongoid (>= 3.0.1)
      rake
      rspec (>= 2.9)
    moped (2.0.0.beta3)
      bson (~> 2.0.0.rc3)
      optionable (~> 0.1.1)
    multi_json (1.8.2)
    optionable (0.1.1)
    origin (1.1.0)
    rake (10.1.0)
    rdoc (4.0.1)
      json (~> 1.4)
    rspec (2.13.0)
      rspec-core (~> 2.13.0)
      rspec-expectations (~> 2.13.0)
      rspec-mocks (~> 2.13.0)
    rspec-core (2.13.1)
    rspec-expectations (2.13.0)
      diff-lcs (>= 1.1.3, < 2.0)
    rspec-mocks (2.13.1)
    simplecov (0.7.1)
      multi_json (~> 1.0)
      simplecov-html (~> 0.7.1)
    simplecov-html (0.7.1)
    thread_safe (0.1.3)
      atomic
    tzinfo (0.3.38)

PLATFORMS
  ruby

DEPENDENCIES
  bundler (~> 1.3.4)
  database_cleaner (~> 0.9.1)
  mongoid!
  mongoid-rspec (~> 1.7.0)
  mongoid_money_field!
  rake
  rdoc (~> 4.0.1)
  rspec (~> 2.13.0)
  simplecov (~> 0.7.1)
