PATH
  remote: .
  specs:
    mongoid_money_field (6.0.3)
      monetize
      money (~> 6.9.0)
      mongoid (~> 5.2)

GEM
  remote: https://rubygems.org/
  specs:
    activemodel (4.2.8)
      activesupport (= 4.2.8)
      builder (~> 3.1)
    activesupport (4.2.8)
      i18n (~> 0.7)
      minitest (~> 5.1)
      thread_safe (~> 0.3, >= 0.3.4)
      tzinfo (~> 1.1)
    bson (4.2.1)
    builder (3.2.3)
    database_cleaner (1.6.1)
    diff-lcs (1.3)
    docile (1.1.5)
    i18n (0.8.1)
    json (2.1.0)
    minitest (5.10.2)
    monetize (1.6.0)
      money (~> 6.8)
    money (6.9.0)
      i18n (>= 0.6.4, < 0.9)
    mongo (2.4.1)
      bson (>= 4.2.1, < 5.0.0)
    mongoid (5.2.1)
      activemodel (~> 4.0)
      mongo (>= 2.4.1, < 3.0.0)
      origin (~> 2.3)
      tzinfo (>= 0.3.37)
    mongoid-rspec (3.0.0)
      mongoid (~> 5.0)
      rake
      rspec (~> 3.3)
    origin (2.3.0)
    rake (12.0.0)
    rdoc (5.1.0)
    rspec (3.6.0)
      rspec-core (~> 3.6.0)
      rspec-expectations (~> 3.6.0)
      rspec-mocks (~> 3.6.0)
    rspec-core (3.6.0)
      rspec-support (~> 3.6.0)
    rspec-expectations (3.6.0)
      diff-lcs (>= 1.2.0, < 2.0)
      rspec-support (~> 3.6.0)
    rspec-mocks (3.6.0)
      diff-lcs (>= 1.2.0, < 2.0)
      rspec-support (~> 3.6.0)
    rspec-support (3.6.0)
    simplecov (0.14.1)
      docile (~> 1.1.0)
      json (>= 1.8, < 3)
      simplecov-html (~> 0.10.0)
    simplecov-html (0.10.0)
    thread_safe (0.3.6)
    tzinfo (1.2.3)
      thread_safe (~> 0.1)

PLATFORMS
  ruby

DEPENDENCIES
  bundler
  database_cleaner
  mongoid-rspec
  mongoid_money_field!
  rake
  rdoc
  rspec
  simplecov

BUNDLED WITH
   1.14.6
